NRRD0004
# Complete NRRD file format specification at:
# http://teem.sourceforge.net/nrrd/format.html
type: short
dimension: 3
space: left-posterior-superior
sizes: 256 256 76
space directions: (0.781246,0,0) (0,0.781244,0) (0,0,2)
kinds: domain domain domain
endian: little
encoding: gzip
space origin: (-99.6089,-99.6086,-75)
data file: t2w.raw.gz
