NRRD0004
# Complete NRRD file format specification at:
# http://teem.sourceforge.net/nrrd/format.html
type: short
dimension: 3
space: left-posterior-superior
sizes: 32 32 15
space directions: (-7.5,0,0) (0,0,-7.5) (0,-12,0)
kinds: domain domain domain
endian: little
encoding: gzip
space origin: (0,0,0)
data file: atlas_background_smallest.raw.gz
