NRRD0004
# Complete NRRD file format specification at:
# http://teem.sourceforge.net/nrrd/format.html
content: resample(???)
type: short
dimension: 3
space: left-posterior-superior
sizes: 256 256 194
space directions: (0,0.9375,0) (0,0,-0.9375) (-0.958763,0,0)
centerings: ??? ??? cell
kinds: domain domain domain
endian: little
encoding: raw
space origin: (92.520619,-119.531,119.531)
data file: 3Dbrain.raw
