NRRD0004
# Complete NRRD file format specification at:
# http://teem.sourceforge.net/nrrd/format.html
type: unsigned char
dimension: 3
space: left-posterior-superior
sizes: 256 256 194
space directions: (0,0.9375,0) (0,0,-0.9375) (-0.958763,0,0)
kinds: domain domain domain
encoding: raw
space origin: (92.5206,-119.531,119.531)
data file: outputMask.raw
