NRRD0004
# Complete NRRD file format specification at:
# http://teem.sourceforge.net/nrrd/format.html
type: short
dimension: 3
space: left-posterior-superior
sizes: 256 256 138
space directions: (0.9375,0,0) (0,0.9375,0) (0,0,1.2)
kinds: domain domain domain
endian: little
encoding: gzip
space origin: (-119.531,-119.531,-82.2)
data file: Segmentation-BrainTutorial-SetTarget1.raw.gz
