NRRD0004
# Complete NRRD file format specification at:
# http://teem.sourceforge.net/nrrd/format.html
type: short
dimension: 3
space: left-posterior-superior
sizes: 256 256 36
space directions: (0.9375,0,0) (0,0.9375,0) (0,0,-3)
kinds: domain domain domain
endian: little
encoding: gzip
space origin: (-119.531,-119.531,52.5)
data file: namic01-ROI-corpuscallosum.raw.gz
