NRRD0004
# Complete NRRD file format specification at:
# http://teem.sourceforge.net/nrrd/format.html
type: short
dimension: 3
space: left-posterior-superior
sizes: 32 32 9
space directions: (6.24996,0,0) (0,6.24996,0) (0,0,16)
kinds: domain domain domain
endian: little
encoding: gzip
space origin: (-99.6089,-99.6086,-75)
data file: t2w_smallest.raw.gz
