ObjectType = Image
NDims = 3
BinaryData = True
BinaryDataByteOrderMSB = False
TransformMatrix = 1 0 0 0 1 0 0 0 1
Offset = 0 0 0
CenterOfRotation = 0 0 0
ElementSpacing = 0.94 0.94 1.5
DimSize = 272 272 140
AnatomicalOrientation = ???
ElementType = MET_USHORT
ElementDataFile = ready_image.raw
