ObjectType = Image
NDims = 3
BinaryData = True
BinaryDataByteOrderMSB = False
Color = 1 0 0 1
ElementSpacing = 1 1 1
DimSize = 100 100 100
ElementType = MET_USHORT
ElementDataFile = sphere.img
